GEM
  remote: https://rubygems.org/
  specs:
    coderay (1.1.1)
    method_source (0.8.2)
    pry (0.10.4)
      coderay (~> 1.1.0)
      method_source (~> 0.8.1)
      slop (~> 3.4)
    rake (12.0.0)
    slop (3.6.0)

PLATFORMS
  x86-mingw32

DEPENDENCIES
  pry!
  rake!

RUBY VERSION
   ruby 2.3.3p222

BUNDLED WITH
   1.14.6
